NUGET
  remote: https://www.nuget.org/api/v2
  specs:
    FSharp.Charting (0.90.13)
    FSharp.Control.Reactive (3.2.0)
      FSharp.Core (>= 3.1.2)
      Rx-Core (>= 2.2.5)
      Rx-Interfaces (>= 2.2.5)
      Rx-Linq (>= 2.2.5)
    FSharp.Core (4.0.0.1)
    FSharp.Data (2.2.5)
      Zlib.Portable (>= 1.10.0) - framework: portable-net40+sl50+wp80+win80
    Newtonsoft.Json (8.0.2)
    Rx-Core (2.2.5)
      Rx-Interfaces (>= 2.2.5)
    Rx-Interfaces (2.2.5)
    Rx-Linq (2.2.5)
      Rx-Core (>= 2.2.5)
      Rx-Interfaces (>= 2.2.5)
    Zlib.Portable (1.11.0) - framework: portable-net40+sl50+wp80+win80
